GEM
  remote: https://rubygems.org/
  specs:
    activesupport (4.2.3)
      i18n (~> 0.7)
      json (~> 1.7, >= 1.7.7)
      minitest (~> 5.1)
      thread_safe (~> 0.3, >= 0.3.4)
      tzinfo (~> 1.1)
    ansi (1.5.0)
    aws-sdk (2.1.3)
      aws-sdk-resources (= 2.1.3)
    aws-sdk-core (2.1.3)
      jmespath (~> 1.0)
    aws-sdk-resources (2.1.3)
      aws-sdk-core (= 2.1.3)
    dotenv (2.0.2)
    global (0.1.2)
      activesupport (>= 2.0)
    hashie (3.4.2)
    i18n (0.7.0)
    itamae (1.3.2)
      ansi
      hashie
      schash (~> 0.1.0)
      specinfra (>= 2.31.0, < 3.0.0)
      thor
    itamae-plugin-recipe-selinux (0.0.5)
      itamae
    jmespath (1.0.2)
      multi_json (~> 1.0)
    json (1.8.3)
    minitest (5.7.0)
    multi_json (1.11.2)
    net-scp (1.2.1)
      net-ssh (>= 2.6.5)
    net-ssh (2.9.2)
    net-telnet (0.1.1)
    parallel (1.6.0)
    rake (10.4.2)
    schash (0.1.1)
    sfl (2.2)
    specinfra (2.36.15)
      net-scp
      net-ssh
      net-telnet
      sfl
    thor (0.19.1)
    thread_safe (0.3.5)
    tzinfo (1.2.2)
      thread_safe (~> 0.1)

PLATFORMS
  ruby

DEPENDENCIES
  aws-sdk (~> 2)
  dotenv
  global
  itamae
  itamae-plugin-recipe-selinux
  parallel
  rake

BUNDLED WITH
   1.10.5
